GEM
  remote: http://rubygems.org/
  specs:
    activesupport (3.2.3)
      i18n (~> 0.6)
      multi_json (~> 1.0)
    addressable (2.2.8)
    adsf (1.1.1)
      rack (>= 1.0.0)
    bonsai (1.4.5)
      activesupport (>= 3.0.3)
      builder (>= 3.0.0)
      i18n (>= 0.5.0)
      launchy (>= 0.3.7)
      liquid (>= 2.2.2)
      maruku (>= 0.6.0)
      rack
      sass
      sinatra (>= 1.0)
      tilt (>= 1.3)
      watch (>= 0.1.0)
    builder (3.0.0)
    cri (2.2.1)
    fssm (0.2.9)
    i18n (0.6.0)
    launchy (2.1.0)
      addressable (~> 2.2.6)
    liquid (2.3.0)
    maruku (0.6.0)
      syntax (>= 1.0.0)
    multi_json (1.3.4)
    nanoc (3.3.6)
      cri (~> 2.2)
    nanoc-tilt (0.1.1)
      nanoc3
      tilt
    nanoc3 (3.3.0)
      nanoc (>= 3.3.0)
    rack (1.4.1)
    rack-protection (1.2.0)
      rack
    sass (3.1.17)
    sinatra (1.3.2)
      rack (~> 1.3, >= 1.3.6)
      rack-protection (~> 1.2)
      tilt (~> 1.3, >= 1.3.3)
    syntax (1.0.0)
    tilt (1.3.3)
    watch (0.1.0)

PLATFORMS
  ruby

DEPENDENCIES
  adsf (~> 1.1)
  bonsai (~> 1.4.5)
  fssm (~> 0.2.9)
  nanoc (~> 3.3)
  nanoc-tilt (~> 0.1)
